{
    "Modality": "MR",
    "MagneticFieldStrength": 3,
    "ImagingFrequency": 123.251028,
    "Manufacturer": "Siemens",
    "ManufacturersModelName": "Prisma",
    "InstitutionName": "Rigshospitalet",
    "InstitutionalDepartmentName": "Department of Neurology",
    "InstitutionAddress": "Blegdamsvej 9,Copenhagen,District,DK,2100",
    "DeviceSerialNumber": "166141",
    "StationName": "RHRTGSIEMR01",
    "BodyPartExamined": "BRAIN",
    "PatientPosition": "HFS",
    "ProcedureStepDescription": "MR projekt - neuro",
    "SoftwareVersions": "syngo MR E11",
    "MRAcquisitionType": "2D",
    "SeriesDescription": "TCLmoco_on_nod_ep2d_diff_exttracking_ADC",
    "ProtocolName": "TCLmoco_on_nod_ep2d_diff_exttracking",
    "ScanningSequence": "EP",
    "SequenceVariant": "SK\\SP",
    "ScanOptions": "FS",
    "SequenceName": "ep_b0_1000",
    "ImageType": [
        "DERIVED",
        "PRIMARY",
        "DIFFUSION",
        "ADC",
        "ND"
    ],
    "NonlinearGradientCorrection": false,
    "RawImage": false,
    "SeriesNumber": 34,
    "AcquisitionTime": "14:23:36.325000",
    "AcquisitionNumber": 1,
    "ImageComments": "PMC on, refPC#257086; evaluate reacqs; RPU=1; filterW=0",
    "SliceThickness": 4,
    "SpacingBetweenSlices": 5.2,
    "SAR": 0.161367,
    "NumberOfAverages": 3,
    "EchoTime": 0.079,
    "RepetitionTime": 3.2,
    "SpoilingState": true,
    "FlipAngle": 90,
    "PartialFourier": 1,
    "BaseResolution": 128,
    "ShimSetting": [
        94,
        -11497,
        8143,
        474,
        -21,
        92,
        111,
        11
    ],
    "DiffusionScheme": "Bipolar",
    "TxRefAmp": 213.649,
    "PhaseResolution": 1,
    "ReceiveCoilName": "HeadNeck_64",
    "ReceiveCoilActiveElements": "HC1-7",
    "PulseSequenceDetails": "%CustomerSeq%\\ep2d_diff_exttracking",
    "RefLinesPE": 38,
    "CoilCombinationMethod": "Adaptive Combine",
    "ConsistencyInfo": "N4_VE11E_LATEST_20181129",
    "MatrixCoilMode": "GRAPPA",
    "PercentPhaseFOV": 100,
    "PercentSampling": 100,
    "EchoTrainLength": 63,
    "PhaseEncodingSteps": 127,
    "AcquisitionMatrixPE": 128,
    "ReconMatrixPE": 128,
    "BandwidthPerPixelPhaseEncode": 26.042,
    "ParallelReductionFactorInPlane": 2,
    "EffectiveEchoSpacing": 0.000299996,
    "DerivedVendorReportedEchoSpacing": 0.000599992,
    "TotalReadoutTime": 0.0380995,
    "PixelBandwidth": 1955,
    "DwellTime": 2e-06,
    "PhaseEncodingDirection": "j-",
    "SliceTiming": [
        0,
        1.64062,
        0.10938,
        1.76562,
        0.23438,
        1.875,
        0.34375,
        2,
        0.46875,
        2.10938,
        0.59375,
        2.23438,
        0.70312,
        2.35938,
        0.82812,
        2.46875,
        0.9375,
        2.59375,
        1.0625,
        2.70312,
        1.17188,
        2.82812,
        1.29688,
        2.9375,
        1.40625,
        3.0625,
        1.53125
    ],
    "ImageOrientationPatientDICOM": [
        1,
        0,
        0,
        0,
        1,
        0
    ],
    "ImageOrientationText": "Tra",
    "InPlanePhaseEncodingDirectionDICOM": "COL",
    "BidsGuess": [
        "derived",
        "_acq-epb0p2_dir-AP_run-34_dwi"
    ],
    "ConversionSoftware": "dcm2niix",
    "ConversionSoftwareVersion": "v1.0.20240202",
    "Dcm2bidsVersion": "3.2.0"
}