{
  "Modality": "MR",
  "MagneticFieldStrength": 3,
  "ImagingFrequency": 123.251,
  "Manufacturer": "Siemens",
  "ManufacturersModelName": "Prisma",
  "InstitutionName": "Rigshospitalet",
  "InstitutionalDepartmentName": "Department_of_Neurology",
  "InstitutionAddress": "Blegdamsvej_9_Copenhagen_District_DK_2100",
  "DeviceSerialNumber": "166141",
  "StationName": "RHRTGSIEMR01",
  "BodyPartExamined": "BRAIN",
  "PatientPosition": "HFS",
  "ProcedureStepDescription": "MR_projekt_-_neuro",
  "SoftwareVersions": "syngo_MR_E11",
  "MRAcquisitionType": "2D",
  "SeriesDescription": "TCLmoco_off_nod_ep2d_diff_exttracking_ADC",
  "ProtocolName": "TCLmoco_off_nod_ep2d_diff_exttracking",
  "ScanningSequence": "EP",
  "SequenceVariant": "SK_SP",
  "ScanOptions": "FS",
  "SequenceName": "ep_b0_1000",
  "ImageType": [
    "DERIVED",
    "PRIMARY",
    "DIFFUSION",
    "ADC",
    "ND"
  ],
  "RawImage": false,
  "SeriesNumber": 33,
  "AcquisitionTime": "11:59:18.885000",
  "AcquisitionNumber": 1,
  "ImageComments": "PMC_off_refPC#209777;_evaluate_reacqs;_RPU=1;_filterW=0",
  "SliceThickness": 4,
  "SpacingBetweenSlices": 5.2,
  "SAR": 0.187239,
  "EchoTime": 0.079,
  "RepetitionTime": 3.2,
  "FlipAngle": 90,
  "PartialFourier": 1,
  "BaseResolution": 128,
  "ShimSetting": [
    55,
    -11467,
    8124,
    162,
    11,
    56,
    -116,
    -18
  ],
  "TxRefAmp": 239.038,
  "PhaseResolution": 1,
  "ReceiveCoilName": "HeadNeck_64",
  "ReceiveCoilActiveElements": "HC1-6",
  "PulseSequenceDetails": "%CustomerSeq%_ep2d_diff_exttracking",
  "ConsistencyInfo": "N4_VE11E_LATEST_20181129",
  "PercentPhaseFOV": 100,
  "EchoTrainLength": 63,
  "PhaseEncodingSteps": 127,
  "AcquisitionMatrixPE": 128,
  "ReconMatrixPE": 128,
  "BandwidthPerPixelPhaseEncode": 26.042,
  "ParallelReductionFactorInPlane": 2,
  "EffectiveEchoSpacing": 0.000299996,
  "DerivedVendorReportedEchoSpacing": 0.000599992,
  "TotalReadoutTime": 0.0380995,
  "PixelBandwidth": 1955,
  "DwellTime": 2e-06,
  "PhaseEncodingDirection": "j-",
  "ImageOrientationPatientDICOM": [
    1,
    0,
    0,
    0,
    1,
    0
  ],
  "InPlanePhaseEncodingDirectionDICOM": "COL",
  "ConversionSoftware": "dcm2niix",
  "ConversionSoftwareVersion": "v1.0.20181114  GCC7.3.0"
}