{
	"Modality": "MR",
	"MagneticFieldStrength": 3,
	"ImagingFrequency": 123.251,
	"Manufacturer": "Siemens",
	"ManufacturersModelName": "Prisma",
	"InstitutionName": "Rigshospitalet",
	"InstitutionalDepartmentName": "Department_of_Neurology",
	"InstitutionAddress": "Blegdamsvej_9_Copenhagen_District_DK_2100",
	"DeviceSerialNumber": "166141",
	"StationName": "RHRTGSIEMR01",
	"BodyPartExamined": "BRAIN",
	"PatientPosition": "HFS",
	"ProcedureStepDescription": "MR_projekt_-_neuro",
	"SoftwareVersions": "syngo_MR_E11",
	"MRAcquisitionType": "2D",
	"SeriesDescription": "TCLmoco_on_still_gre_t2star_2D_tra",
	"ProtocolName": "TCLmoco_on_still_gre_t2star_2D_tra",
	"ScanningSequence": "GR",
	"SequenceVariant": "SP_OSP",
	"SequenceName": "fl2d1r",
	"ImageType": ["ORIGINAL", "PRIMARY", "M", "ND"],
	"SeriesNumber": 22,
	"AcquisitionTime": "11:07:48.922500",
	"AcquisitionNumber": 1,
	"SliceThickness": 5,
	"SpacingBetweenSlices": 6,
	"SAR": 0.00691671,
	"EchoTime": 0.02,
	"RepetitionTime": 0.7,
	"FlipAngle": 20,
	"PartialFourier": 1,
	"Interpolation2D": 1,
	"BaseResolution": 256,
	"ShimSetting": [
		71,
		-11432,
		7892,
		0,
		-18,
		103,
		-37,
		-24	],
	"TxRefAmp": 213.89,
	"PhaseResolution": 0.8,
	"ReceiveCoilName": "HeadNeck_64",
	"ReceiveCoilActiveElements": "HC1-7;NC1,2",
	"CoilString": "HC1-7;NC1_2",
	"PulseSequenceDetails": "%CustomerSeq%_gre_exttracking",
	"ConsistencyInfo": "N4_VE11E_LATEST_20181129",
	"PercentPhaseFOV": 100,
	"PhaseEncodingSteps": 205,
	"AcquisitionMatrixPE": 205,
	"ReconMatrixPE": 512,
	"PixelBandwidth": 230,
	"DwellTime": 8.5e-06,
	"PhaseEncodingDirection": "i",
	"ImageOrientationPatientDICOM": [
		1,
		4.897e-12,
		0,
		-4.897e-12,
		1,
		0	],
	"InPlanePhaseEncodingDirectionDICOM": "ROW",
	"ConversionSoftware": "dcm2niix",
	"ConversionSoftwareVersion": "v1.0.20181114  GCC7.3.0"
}
