{
  "Modality": "MR",
  "MagneticFieldStrength": 3,
  "ImagingFrequency": 123.251,
  "Manufacturer": "Siemens",
  "ManufacturersModelName": "Prisma",
  "InstitutionName": "Rigshospitalet",
  "InstitutionalDepartmentName": "Department_of_Neurology",
  "InstitutionAddress": "Blegdamsvej_9_Copenhagen_District_DK_2100",
  "DeviceSerialNumber": "166141",
  "StationName": "RHRTGSIEMR01",
  "BodyPartExamined": "BRAIN",
  "PatientPosition": "HFS",
  "ProcedureStepDescription": "MR_projekt_-_neuro",
  "SoftwareVersions": "syngo_MR_E11",
  "MRAcquisitionType": "2D",
  "SeriesDescription": "TCLmoco_off_still_t1_tirm_tra_dark-fluid_p2",
  "ProtocolName": "TCLmoco_off_still_t1_tirm_tra_dark-fluid_p2",
  "ScanningSequence": "SE_IR",
  "SequenceVariant": "SK_SP_MP",
  "ScanOptions": "IR",
  "SequenceName": "tir2d1_5",
  "ImageType": [
    "ORIGINAL",
    "PRIMARY",
    "M",
    "ND",
    "NORM"
  ],
  "SeriesNumber": 17,
  "AcquisitionTime": "15:05:1.780000",
  "AcquisitionNumber": 1,
  "ImageComments": "PMC_off;_no_reacqs;_RPU=0;_filterW=10",
  "SliceThickness": 5,
  "SpacingBetweenSlices": 6.5,
  "SAR": 0.133673,
  "EchoTime": 0.0085,
  "RepetitionTime": 4.1,
  "InversionTime": 1.6,
  "FlipAngle": 150,
  "PartialFourier": 1,
  "BaseResolution": 256,
  "ShimSetting": [
    51,
    -11476,
    8143,
    362,
    13,
    107,
    17,
    -12
  ],
  "TxRefAmp": 232.261,
  "PhaseResolution": 1,
  "ReceiveCoilName": "HeadNeck_64",
  "ReceiveCoilActiveElements": "HC1-7;NC1,2",
  "CoilString": "HC1-7;NC1_2",
  "PulseSequenceDetails": "%CustomerSeq%_tse_exttracking_RFROST",
  "ConsistencyInfo": "N4_VE11E_LATEST_20181129",
  "PercentPhaseFOV": 75,
  "EchoTrainLength": 5,
  "PhaseEncodingSteps": 191,
  "AcquisitionMatrixPE": 192,
  "ReconMatrixPE": 256,
  "ParallelReductionFactorInPlane": 2,
  "PixelBandwidth": 280,
  "DwellTime": 7e-06,
  "PhaseEncodingDirection": "i",
  "ImageOrientationPatientDICOM": [
    0.99873,
    -0.00465924,
    -0.0501607,
    -1.27752e-10,
    0.995714,
    -0.092488
  ],
  "InPlanePhaseEncodingDirectionDICOM": "ROW",
  "ConversionSoftware": "dcm2niix",
  "ConversionSoftwareVersion": "v1.0.20181114  GCC7.3.0"
}