{
  "Modality": "MR",
  "MagneticFieldStrength": 3,
  "ImagingFrequency": 123.251,
  "Manufacturer": "Siemens",
  "ManufacturersModelName": "Prisma",
  "InstitutionName": "Rigshospitalet",
  "InstitutionalDepartmentName": "Department_of_Neurology",
  "InstitutionAddress": "Blegdamsvej_9_Copenhagen_District_DK_2100",
  "DeviceSerialNumber": "166141",
  "StationName": "RHRTGSIEMR01",
  "BodyPartExamined": "BRAIN",
  "PatientPosition": "HFS",
  "ProcedureStepDescription": "MR_projekt_-_neuro",
  "SoftwareVersions": "syngo_MR_E11",
  "MRAcquisitionType": "3D",
  "SeriesDescription": "TCLmoco_off_nod_T2_flair_sag_3D_tsevfl_harness_changed",
  "ProtocolName": "TCLmoco_off_nod_T2_flair_sag_3D_tsevfl_harness_changed",
  "ScanningSequence": "SE_IR",
  "SequenceVariant": "SK_SP_MP",
  "ScanOptions": "IR_PFP_FS",
  "SequenceName": "spcir_278ns",
  "ImageType": [
    "ORIGINAL",
    "PRIMARY",
    "M",
    "ND",
    "NORM"
  ],
  "SeriesNumber": 13,
  "AcquisitionTime": "11:22:59.695000",
  "AcquisitionNumber": 1,
  "ImageComments": "PMC_off_refPC#227958;_evaluate_7_rcvd_reacqs;_RPU=0;_filterW=20",
  "SliceThickness": 1,
  "SAR": 0.0807849,
  "EchoTime": 0.388,
  "RepetitionTime": 5,
  "InversionTime": 1.8,
  "FlipAngle": 120,
  "PartialFourier": 1,
  "BaseResolution": 256,
  "ShimSetting": [
    57,
    -11481,
    8118,
    125,
    -118,
    -279,
    47,
    -43
  ],
  "TxRefAmp": 211.835,
  "PhaseResolution": 1,
  "ReceiveCoilName": "HeadNeck_64",
  "ReceiveCoilActiveElements": "HC1-7;NC1",
  "PulseSequenceDetails": "%CustomerSeq%_tse_vfl_exttracking",
  "ConsistencyInfo": "N4_VE11E_LATEST_20181129",
  "PercentPhaseFOV": 81.25,
  "EchoTrainLength": 251,
  "PhaseEncodingSteps": 181,
  "AcquisitionMatrixPE": 208,
  "ReconMatrixPE": 256,
  "PixelBandwidth": 750,
  "DwellTime": 2.6e-06,
  "ImageOrientationPatientDICOM": [
    0,
    1,
    0,
    0,
    0,
    -1
  ],
  "InPlanePhaseEncodingDirectionDICOM": "ROW",
  "ConversionSoftware": "dcm2niix",
  "ConversionSoftwareVersion": "v1.0.20181114  GCC7.3.0"
}