{
    "Modality": "MR",
    "MagneticFieldStrength": 3,
    "ImagingFrequency": 123.250849,
    "Manufacturer": "Siemens",
    "ManufacturersModelName": "Prisma",
    "InstitutionName": "Rigshospitalet",
    "InstitutionalDepartmentName": "Department of Neurology",
    "InstitutionAddress": "Blegdamsvej 9,Copenhagen,District,DK,2100",
    "DeviceSerialNumber": "166141",
    "StationName": "RHRTGSIEMR01",
    "BodyPartExamined": "BRAIN",
    "PatientPosition": "HFS",
    "ProcedureStepDescription": "MR projekt - neuro",
    "SoftwareVersions": "syngo MR E11",
    "MRAcquisitionType": "2D",
    "SeriesDescription": "TCLmoco_on_still_ep2d_diff_exttracking_TRACEW",
    "ProtocolName": "TCLmoco_on_still_ep2d_diff_exttracking",
    "ScanningSequence": "EP",
    "SequenceVariant": "SK\\SP",
    "ScanOptions": "FS",
    "SequenceName": "ep_b1000t",
    "ImageType": [
        "DERIVED",
        "PRIMARY",
        "DIFFUSION",
        "TRACEW",
        "ND"
    ],
    "NonlinearGradientCorrection": false,
    "RawImage": false,
    "SeriesNumber": 48,
    "AcquisitionTime": "12:06:31.215000",
    "AcquisitionNumber": 1,
    "ImageComments": "PMC on, refPC#324988; evaluate reacqs; RPU=1; filterW=0",
    "SliceThickness": 4,
    "SpacingBetweenSlices": 5.2,
    "SAR": 0.16899,
    "NumberOfAverages": 3,
    "EchoTime": 0.079,
    "RepetitionTime": 3.2,
    "SpoilingState": true,
    "FlipAngle": 90,
    "PartialFourier": 1,
    "BaseResolution": 128,
    "ShimSetting": [
        47,
        -11339,
        8002,
        263,
        -38,
        347,
        -288,
        -8
    ],
    "DiffusionScheme": "Bipolar",
    "TxRefAmp": 215.78,
    "PhaseResolution": 1,
    "ReceiveCoilName": "HeadNeck_64",
    "ReceiveCoilActiveElements": "HC1-6",
    "PulseSequenceDetails": "%CustomerSeq%\\ep2d_diff_exttracking",
    "RefLinesPE": 38,
    "CoilCombinationMethod": "Adaptive Combine",
    "ConsistencyInfo": "N4_VE11E_LATEST_20181129",
    "MatrixCoilMode": "GRAPPA",
    "PercentPhaseFOV": 100,
    "PercentSampling": 100,
    "EchoTrainLength": 63,
    "PhaseEncodingSteps": 127,
    "AcquisitionMatrixPE": 128,
    "ReconMatrixPE": 128,
    "BandwidthPerPixelPhaseEncode": 26.042,
    "ParallelReductionFactorInPlane": 2,
    "EffectiveEchoSpacing": 0.000299996,
    "DerivedVendorReportedEchoSpacing": 0.000599992,
    "TotalReadoutTime": 0.0380995,
    "PixelBandwidth": 1955,
    "DwellTime": 2e-06,
    "PhaseEncodingDirection": "j-",
    "SliceTiming": [
        0,
        1.64062,
        0.11719,
        1.75781,
        0.23438,
        1.88281,
        0.35156,
        2,
        0.46875,
        2.11719,
        0.58594,
        2.23438,
        0.70312,
        2.35156,
        0.82031,
        2.46875,
        0.9375,
        2.58594,
        1.05469,
        2.70312,
        1.17188,
        2.82031,
        1.28906,
        2.9375,
        1.40625,
        3.0625,
        1.52344
    ],
    "ImageOrientationPatientDICOM": [
        1,
        0,
        0,
        0,
        1,
        0
    ],
    "ImageOrientationText": "Tra",
    "InPlanePhaseEncodingDirectionDICOM": "COL",
    "BidsGuess": [
        "derived",
        "_acq-epb1p2_dir-AP_run-48_dwi"
    ],
    "ConversionSoftware": "dcm2niix",
    "ConversionSoftwareVersion": "v1.0.20240202",
    "Dcm2bidsVersion": "3.2.0"
}