{
  "Modality": "MR",
  "MagneticFieldStrength": 3,
  "ImagingFrequency": 123.251,
  "Manufacturer": "Siemens",
  "ManufacturersModelName": "Prisma",
  "InstitutionName": "Rigshospitalet",
  "InstitutionalDepartmentName": "Department_of_Neurology",
  "InstitutionAddress": "Blegdamsvej_9_Copenhagen_District_DK_2100",
  "DeviceSerialNumber": "166141",
  "StationName": "RHRTGSIEMR01",
  "BodyPartExamined": "BRAIN",
  "PatientPosition": "HFS",
  "ProcedureStepDescription": "MOCO_Tracoline_test",
  "SoftwareVersions": "syngo_MR_E11",
  "MRAcquisitionType": "3D",
  "SeriesDescription": "TCLmoco_on_nod_t1_mpr_3d_sag_p2_iso_RR",
  "ProtocolName": "TCLmoco_on_nod_t1_mpr_3d_sag_p2_iso",
  "ScanningSequence": "GR_IR",
  "SequenceVariant": "SK_SP_MP",
  "ScanOptions": "IR",
  "SequenceName": "tfl3d1_16ns",
  "ImageType": [
    "ORIGINAL",
    "PRIMARY",
    "M",
    "ND",
    "NORM"
  ],
  "SeriesNumber": 37,
  "AcquisitionTime": "10:31:0.357500",
  "AcquisitionNumber": 1,
  "ImageComments": "PMC_on_refPC#124361;_evaluate_16_rcvd_reacqs;_RPU=6;_filterW=20_XXX_XXX_XXX_XXX_2",
  "SliceThickness": 0.9,
  "EchoTime": 0.00232,
  "RepetitionTime": 2,
  "InversionTime": 0.9,
  "FlipAngle": 8,
  "PartialFourier": 1,
  "BaseResolution": 256,
  "ShimSetting": [
    53,
    -11431,
    8059,
    335,
    -87,
    -125,
    -48,
    -6
  ],
  "TxRefAmp": 233.679,
  "PhaseResolution": 1,
  "ReceiveCoilName": "HeadNeck_64",
  "ReceiveCoilActiveElements": "HC1-7;NC1,2",
  "CoilString": "HC1-7;NC1_2",
  "PulseSequenceDetails": "%CustomerSeq%_tfl_exttracking",
  "ConsistencyInfo": "N4_VE11E_LATEST_20181129",
  "PercentPhaseFOV": 100,
  "PhaseEncodingSteps": 255,
  "AcquisitionMatrixPE": 256,
  "ReconMatrixPE": 256,
  "PixelBandwidth": 200,
  "DwellTime": 9.8e-06,
  "ImageOrientationPatientDICOM": [
    0,
    1,
    0,
    0,
    0,
    -1
  ],
  "InPlanePhaseEncodingDirectionDICOM": "ROW",
  "ConversionSoftware": "dcm2niix",
  "ConversionSoftwareVersion": "v1.0.20181114  GCC7.3.0"
}